{
	"Manufacturer": "Siemens",
	"ManufacturersModelName": "Verio",
	"AcquisitionNumber": 1,
	"InstitutionName": "EVKB_Mara_1",
	"InstitutionAddress": "Maraweg_21_Bielefeld_District_DE_33617",
	"DeviceSerialNumber": "40720",
	"SoftwareVersions": "syngo_MR_B19",
	"ProcedureStepDescription": "Mara_12CH_fMRT",
	"ScanningSequence": "EP",
	"SequenceVariant": "SK",
	"SeriesDescription": "ep2d_bold_moco_5mm_Training",
	"ProtocolName": "ep2d_bold_moco_5mm_Training",
	"SequenceName": "_epfid2d1_64",
	"ImageType": ["ORIGINAL", "PRIMARY", "FMRI", "NONE", "ND", "MOSAIC"],
	"AcquisitionTime": "15:19:1.265000",
	"MagneticFieldStrength": 3,
	"FlipAngle": 90,
	"EchoTime": 0.05,
	"RepetitionTime": 3,
	"PhaseEncodingLines": 64,
	"BandwidthPerPixelPhaseEncode": 30.637,
	"EffectiveEchoSpacing": 0.000510004,
	"TotalReadoutTime": 0.0321303,
	"SliceTiming": [
		0.85,
		1.7025,
		0.765,
		1.6175,
		0.68,
		1.5325,
		0.595,
		1.4475,
		0.51,
		1.3625,
		0.425,
		1.2775,
		0.34,
		1.1925,
		0.255,
		1.105,
		0.17,
		1.02,
		0.085,
		0.935,
		0	],
	"PhaseEncodingDirection": "j-",
	"ConversionSoftware": "dcm2niix",
	"ConversionSoftwareVersion": "v1.0.20170724 GCC4.4.7",
	"TaskName": "imagery"
}
