{
	"Manufacturer": "Siemens",
	"ManufacturersModelName": "Verio",
	"AcquisitionNumber": 1,
	"InstitutionName": "EVKB_Mara_1",
	"InstitutionAddress": "Maraweg_21_Bielefeld_District_DE_33617",
	"DeviceSerialNumber": "40720",
	"SoftwareVersions": "syngo_MR_B19",
	"ProcedureStepDescription": "Mara_32CH_Konrt.",
	"ScanningSequence": "EP",
	"SequenceVariant": "SK",
	"SeriesDescription": "ep2d_bold_moco_kissler_4mm_hohe_matrix_kurzeTE_(pace)",
	"ProtocolName": "ep2d_bold_moco_kissler_4mm_hohe_matrix_kurzeTE_(pace)",
	"SequenceName": "_epfid2d1_80",
	"ImageType": ["ORIGINAL", "PRIMARY", "FMRI", "NONE", "ND", "MOSAIC"],
	"AcquisitionTime": "16:33:16.292500",
	"MagneticFieldStrength": 3,
	"FlipAngle": 90,
	"EchoTime": 0.033,
	"RepetitionTime": 3,
	"PhaseEncodingLines": 80,
	"BandwidthPerPixelPhaseEncode": 18.116,
	"EffectiveEchoSpacing": 0.000689998,
	"TotalReadoutTime": 0.0545098,
	"SliceTiming": [
		1.4525,
		2.905,
		1.3675,
		2.82,
		1.2825,
		2.735,
		1.1975,
		2.65,
		1.11,
		2.565,
		1.025,
		2.4775,
		0.94,
		2.3925,
		0.855,
		2.3075,
		0.77,
		2.2225,
		0.685,
		2.1375,
		0.5975,
		2.0525,
		0.5125,
		1.965,
		0.4275,
		1.88,
		0.3425,
		1.795,
		0.2575,
		1.71,
		0.17,
		1.625,
		0.085,
		1.5375,
		0	],
	"PhaseEncodingDirection": "j-",
	"ConversionSoftware": "dcm2niix",
	"ConversionSoftwareVersion": "v1.0.20170724 GCC4.4.7",
        "Instruction": "Lie still and keep your eyes open" ,
	"TaskName": "rest"

}
