{
	"Manufacturer": "Siemens",
	"ManufacturersModelName": "Verio",
	"AcquisitionNumber": 1,
	"InstitutionName": "EVKB_Mara_1",
	"InstitutionAddress": "Maraweg_21_Bielefeld_District_DE_33617",
	"DeviceSerialNumber": "40720",
	"SoftwareVersions": "syngo_MR_B19",
	"ProcedureStepDescription": "Mara_32CH_Konrt.",
	"ScanningSequence": "GR_IR",
	"SequenceVariant": "SP_MP_OSP",
	"SeriesDescription": "t1_mpr_sag_p2_iso0_9_320_:-)",
	"ProtocolName": "t1_mpr_sag_p2_iso0_9_320_:-)",
	"SequenceName": "_tfl3d1_ns",
	"ImageType": ["ORIGINAL", "PRIMARY", "M", "ND", "NORM"],
	"AcquisitionTime": "16:42:12.032500",
	"MagneticFieldStrength": 3,
	"FlipAngle": 9,
	"EchoTime": 0.0025,
	"RepetitionTime": 1.9,
	"InversionTime": 0.9,
	"PhaseEncodingLines": 320,
	"AccelFactPE": 2,
	"PhaseEncodingDirection": "i-",
	"ConversionSoftware": "dcm2niix",
	"ConversionSoftwareVersion": "v1.0.20170724 GCC4.4.7"
}
