{
	"Manufacturer": "Siemens",
	"ManufacturersModelName": "Verio",
	"AcquisitionNumber": 1,
	"InstitutionName": "EVKB_Mara_1",
	"InstitutionAddress": "Maraweg_21_Bielefeld_District_DE_33617",
	"DeviceSerialNumber": "40720",
	"SoftwareVersions": "syngo_MR_B19",
	"ProcedureStepDescription": "Mara_32CH_Konrt.",
	"ScanningSequence": "EP",
	"SequenceVariant": "SK_SP",
	"SeriesDescription": "ep2d_diff_mddw_30_p2",
	"ProtocolName": "ep2d_diff_mddw_30_p2",
	"SequenceName": "_ep_b0",
	"ImageType": ["ORIGINAL", "PRIMARY", "DIFFUSION", "NONE", "ND", "NORM", "MOSAIC"],
	"AcquisitionTime": "16:50:54.877500",
	"MagneticFieldStrength": 3,
	"FlipAngle": 90,
	"EchoTime": 0.083,
	"RepetitionTime": 15.3,
	"PhaseEncodingLines": 128,
	"BandwidthPerPixelPhaseEncode": 22.645,
	"EffectiveEchoSpacing": 0.000344999,
	"TotalReadoutTime": 0.0344999,
	"AccelFactPE": 2,
	"TrueEchoSpacing": 0.000689998,
	"SliceTiming": [
		7.68,
		0,
		7.8725,
		0.1925,
		8.065,
		0.385,
		8.255,
		0.575,
		8.4475,
		0.7675,
		8.64,
		0.96,
		8.8325,
		1.1525,
		9.025,
		1.345,
		9.215,
		1.535,
		9.4075,
		1.7275,
		9.6,
		1.92,
		9.7925,
		2.1125,
		9.985,
		2.305,
		10.175,
		2.495,
		10.3675,
		2.6875,
		10.56,
		2.88,
		10.7525,
		3.0725,
		10.945,
		3.265,
		11.1375,
		3.455,
		11.3275,
		3.6475,
		11.52,
		3.84,
		11.7125,
		4.0325,
		11.905,
		4.225,
		12.0975,
		4.415,
		12.2875,
		4.6075,
		12.48,
		4.8,
		12.6725,
		4.9925,
		12.865,
		5.185,
		13.0575,
		5.375,
		13.2475,
		5.5675,
		13.44,
		5.76,
		13.6325,
		5.9525,
		13.825,
		6.145,
		14.0175,
		6.335,
		14.2075,
		6.5275,
		14.4,
		6.72,
		14.5925,
		6.9125,
		14.785,
		7.105,
		14.9775,
		7.295,
		15.1675,
		7.4875	],
	"PhaseEncodingDirection": "j-",
	"ConversionSoftware": "dcm2niix",
	"ConversionSoftwareVersion": "v1.0.20170724 GCC4.4.7"
}
